GEM
  remote: https://rubygems.org/
  specs:
    rack (3.1.8)
    rack-reloader (0.5.0)

PLATFORMS
  ruby
  x86_64-linux

DEPENDENCIES
  rack
  rack-reloader

BUNDLED WITH
   2.5.20
